GEM
  remote: https://rubygems.org/
  specs:
    backports (3.6.0)
    celluloid (0.15.2)
      timers (~> 1.1.0)
    coderay (1.1.0)
    haml (4.0.5)
      tilt
    json (1.8.1)
    mail (2.6.1)
      mime-types (>= 1.16, < 3)
    method_source (0.8.2)
    mime-types (2.3)
    multi_json (1.9.2)
    pony (1.9)
      mail (>= 2.0)
    pry (0.9.12.6)
      coderay (~> 1.0)
      method_source (~> 0.8)
      slop (~> 3.4)
    pry (0.9.12.6-x86-mingw32)
      coderay (~> 1.0)
      method_source (~> 0.8)
      slop (~> 3.4)
      win32console (~> 1.3)
    rack (1.5.2)
    rack-protection (1.5.3)
      rack
    rack-test (0.6.2)
      rack (>= 1.0)
    redcarpet (3.1.1)
    sinatra (1.4.5)
      rack (~> 1.4)
      rack-protection (~> 1.4)
      tilt (~> 1.3, >= 1.3.4)
    sinatra-contrib (1.4.2)
      backports (>= 2.0)
      multi_json
      rack-protection
      rack-test
      sinatra (~> 1.4.0)
      tilt (~> 1.3)
    sinatra-partial (0.4.0)
      sinatra
    slop (3.5.0)
    sucker_punch (1.1)
      celluloid (~> 0.15.2)
    tilt (1.4.1)
    timers (1.1.0)
    win32console (1.3.2)
    win32console (1.3.2-x86-mingw32)

PLATFORMS
  ruby
  x86-mingw32

DEPENDENCIES
  haml
  json
  pony
  pry
  redcarpet
  sinatra
  sinatra-contrib
  sinatra-partial
  sucker_punch (~> 1.0)
